PATH
  remote: .
  specs:
    thecompaniesapi (0.0.1)
      faraday (~> 2.0)
      faraday-net_http (~> 3.0)

GEM
  remote: https://rubygems.org/
  specs:
    base64 (0.3.0)
    faraday (2.8.1)
      base64
      faraday-net_http (>= 2.0, < 3.1)
      ruby2_keywords (>= 0.0.4)
    faraday-net_http (3.0.2)
    minitest (5.16.3)
    rake (13.0.6)
    ruby2_keywords (0.0.5)

PLATFORMS
  ruby

DEPENDENCIES
  minitest (~> 5.16.3)
  rake (~> 13.0.6)
  thecompaniesapi!

BUNDLED WITH
   2.3.26
